GEM
  remote: http://rubygems.org/
  specs:
    rack (1.6.13)
    rack-protection (1.5.5)
      rack
    sinatra (1.4.4)
      rack (~> 1.4)
      rack-protection (~> 1.4)
      tilt (~> 1.3, >= 1.3.4)
    slim (2.0.2)
      temple (~> 0.6.6)
      tilt (>= 1.3.3, < 2.1)
    temple (0.6.7)
    tilt (1.4.1)

PLATFORMS
  ruby

DEPENDENCIES
  sinatra
  slim

RUBY VERSION
   ruby 2.6.8p205

BUNDLED WITH
   1.17.2
